GIT
  remote: ssh://git@bender.lnstar.com/var/git/i_reach.git
  revision: 3e939bbd6d8f91ac68e3e50128dee1a944f009d8
  ref: 3e939
  specs:
    i_reach (3.2.5)
      cancancan (~> 1.9)
      jquery-rails (~> 3.1)
      jquery-ui-rails (~> 5.0)
      jquery-ui-themes (~> 0.0)
      mail_manager (~> 3.2)
      newsletter (~> 3.2)
      rails (~> 3.2)

GIT
  remote: ssh://git@bender.lnstar.com/var/git/mail_manager.git
  revision: e893a70f94c5f95c6f21d9a2c4060c421caa5f4d
  ref: e893a
  specs:
    mail_manager (3.2.4)
      cancancan (~> 1.9)
      daemons (~> 1.1)
      delayed_job (~> 4)
      delayed_job_active_record (~> 4)
      dynamic_form (~> 1.1)
      jquery-rails (~> 3.1)
      jquery-ui-rails (~> 5.0)
      jquery-ui-themes (~> 0.0)
      mini_magick (~> 4.1)
      rails (~> 3.2)
      unix_utils (~> 0.0)
      will_paginate (~> 3.0)
      with_lock (~> 0.1)

GIT
  remote: ssh://git@bender.lnstar.com/var/git/newsletter.git
  revision: 116e507a196f9819c2031cd3e996e2a7210a5d58
  ref: 116e5
  specs:
    newsletter (3.2.6)
      acts_as_list (~> 0.5)
      cancancan (~> 1.9)
      carrierwave (~> 0.10)
      dynamic_form (~> 1.1)
      jquery-rails (~> 3.1)
      jquery-ui-rails (~> 5.0)
      mini_magick (~> 4.1)
      nested_form (~> 0.3)
      rails (~> 3.2)
      will_paginate (~> 3.0)

GEM
  remote: https://rubygems.org/
  specs:
    actionmailer (3.2.21)
      actionpack (= 3.2.21)
      mail (~> 2.5.4)
    actionpack (3.2.21)
      activemodel (= 3.2.21)
      activesupport (= 3.2.21)
      builder (~> 3.0.0)
      erubis (~> 2.7.0)
      journey (~> 1.0.4)
      rack (~> 1.4.5)
      rack-cache (~> 1.2)
      rack-test (~> 0.6.1)
      sprockets (~> 2.2.1)
    activemodel (3.2.21)
      activesupport (= 3.2.21)
      builder (~> 3.0.0)
    activerecord (3.2.21)
      activemodel (= 3.2.21)
      activesupport (= 3.2.21)
      arel (~> 3.0.2)
      tzinfo (~> 0.3.29)
    activeresource (3.2.21)
      activemodel (= 3.2.21)
      activesupport (= 3.2.21)
    activesupport (3.2.21)
      i18n (~> 0.6, >= 0.6.4)
      multi_json (~> 1.0)
    acts_as_list (0.7.2)
      activerecord (>= 3.0)
    airbrussh (0.4.1)
      sshkit (>= 1.6.1, != 1.7.0)
    arel (3.0.3)
    bcrypt (3.1.10)
    builder (3.0.4)
    cancancan (1.10.1)
    capistrano (2.15.5)
      highline
      net-scp (>= 1.0.0)
      net-sftp (>= 2.0.0)
      net-ssh (>= 2.0.14)
      net-ssh-gateway (>= 1.1.0)
    capistrano-ext (1.2.1)
      capistrano (>= 1.0.0)
    capistrano-unicorn (0.2.0)
      capistrano (< 3.0)
    carrierwave (0.10.0)
      activemodel (>= 3.2.0)
      activesupport (>= 3.2.0)
      json (>= 1.7)
      mime-types (>= 1.16)
    coderay (1.1.0)
    coffee-rails (3.2.2)
      coffee-script (>= 2.2.0)
      railties (~> 3.2.0)
    coffee-script (2.4.1)
      coffee-script-source
      execjs
    coffee-script-source (1.9.1)
    colorize (0.7.7)
    daemons (1.1.9)
    delayed_job (4.0.6)
      activesupport (>= 3.0, < 5.0)
    delayed_job_active_record (4.0.3)
      activerecord (>= 3.0, < 5.0)
      delayed_job (>= 3.0, < 4.1)
    delayed_job_web (1.2.10)
      activerecord (> 3.0.0)
      delayed_job (> 2.0.3)
      sinatra (>= 1.4.4)
    devise (3.4.1)
      bcrypt (~> 3.0)
      orm_adapter (~> 0.1)
      railties (>= 3.2.6, < 5)
      responders
      thread_safe (~> 0.1)
      warden (~> 1.2.3)
    dotenv (2.0.1)
    dotenv-rails (2.0.1)
      dotenv (= 2.0.1)
    dynamic_form (1.1.4)
    erubis (2.7.0)
    exception_notification (4.1.0)
      actionmailer (>= 3.0.4)
      activesupport (>= 3.0.4)
    execjs (2.5.0)
    highline (1.7.2)
    hike (1.2.3)
    hipchat (1.5.1)
      httparty
      mimemagic
    httparty (0.13.4)
      json (~> 1.8)
      multi_xml (>= 0.5.2)
    i18n (0.7.0)
    journey (1.0.4)
    jquery-rails (3.1.2)
      railties (>= 3.0, < 5.0)
      thor (>= 0.14, < 2.0)
    jquery-ui-rails (5.0.5)
      railties (>= 3.2.16)
    jquery-ui-themes (0.0.11)
      httparty
    json (1.8.2)
    kgio (2.9.3)
    libv8 (3.16.14.7)
    mail (2.5.4)
      mime-types (~> 1.16)
      treetop (~> 1.4.8)
    method_source (0.8.2)
    mime-types (1.25.1)
    mimemagic (0.3.0)
    mini_magick (4.2.4)
    multi_json (1.11.0)
    multi_xml (0.5.5)
    mysql2 (0.3.18)
    nested_form (0.3.2)
    net-scp (1.2.1)
      net-ssh (>= 2.6.5)
    net-sftp (2.1.2)
      net-ssh (>= 2.6.5)
    net-ssh (2.9.2)
    net-ssh-gateway (1.2.0)
      net-ssh (>= 2.6.5)
    orm_adapter (0.5.0)
    polyglot (0.3.5)
    pry (0.10.1)
      coderay (~> 1.1.0)
      method_source (~> 0.8.1)
      slop (~> 3.4)
    pry-rails (0.3.4)
      pry (>= 0.9.10)
    quiet_assets (1.1.0)
      railties (>= 3.1, < 5.0)
    rack (1.4.5)
    rack-cache (1.2)
      rack (>= 0.4)
    rack-protection (1.5.3)
      rack
    rack-ssl (1.3.4)
      rack
    rack-test (0.6.3)
      rack (>= 1.0)
    rails (3.2.21)
      actionmailer (= 3.2.21)
      actionpack (= 3.2.21)
      activerecord (= 3.2.21)
      activeresource (= 3.2.21)
      activesupport (= 3.2.21)
      bundler (~> 1.0)
      railties (= 3.2.21)
    railties (3.2.21)
      actionpack (= 3.2.21)
      activesupport (= 3.2.21)
      rack-ssl (~> 1.3.2)
      rake (>= 0.8.7)
      rdoc (~> 3.4)
      thor (>= 0.14.6, < 2.0)
    raindrops (0.13.0)
    rake (10.4.2)
    rdoc (3.12.2)
      json (~> 1.4)
    ref (1.0.5)
    responders (1.1.2)
      railties (>= 3.2, < 4.2)
    role_model (0.8.2)
    rvm-capistrano (1.3.4)
      capistrano (>= 2.0.0)
    sass (3.4.13)
    sass-rails (3.2.6)
      railties (~> 3.2.0)
      sass (>= 3.1.10)
      tilt (~> 1.3)
    sinatra (1.4.6)
      rack (~> 1.4)
      rack-protection (~> 1.4)
      tilt (>= 1.3, < 3)
    slop (3.6.0)
    sprockets (2.2.3)
      hike (~> 1.2)
      multi_json (~> 1.0)
      rack (~> 1.0)
      tilt (~> 1.1, != 1.3.0)
    sshkit (1.7.1)
      colorize (>= 0.7.0)
      net-scp (>= 1.1.2)
      net-ssh (>= 2.8.0)
    therubyracer (0.12.2)
      libv8 (~> 3.16.14.0)
      ref
    thor (0.19.1)
    thread_safe (0.3.5)
    tilt (1.4.1)
    treetop (1.4.15)
      polyglot
      polyglot (>= 0.3.1)
    turbo-sprockets-rails3 (0.3.14)
      railties (> 3.2.8, < 4.0.0)
      sprockets (>= 2.2.0)
    tzinfo (0.3.44)
    uglifier (2.7.1)
      execjs (>= 0.3.0)
      json (>= 1.8.0)
    unicorn (4.9.0)
      kgio (~> 2.6)
      rack
      raindrops (~> 0.7)
    unicorn-rails (2.2.0)
      rack
      unicorn
    unix_utils (0.0.15)
    warden (1.2.3)
      rack (>= 1.0)
    will_paginate (3.0.7)
    with_lock (0.1.1)
      daemons (~> 1.1.9, > 1.1)

PLATFORMS
  ruby

DEPENDENCIES
  airbrussh
  capistrano (~> 2.15.0)
  capistrano-ext (~> 1.2.1)
  capistrano-unicorn (~> 0.2.0)
  coffee-rails (~> 3.2.1)
  delayed_job_web
  devise
  dotenv-rails
  exception_notification
  hipchat
  i_reach!
  jquery-rails
  mail_manager!
  mysql2
  newsletter!
  pry-rails
  quiet_assets
  rails (= 3.2.21)
  role_model
  rvm-capistrano (~> 1.3.0)
  sass-rails (~> 3.2.3)
  therubyracer
  turbo-sprockets-rails3 (~> 0.3.x)
  uglifier (>= 1.0.3)
  unicorn-rails
